GEM
  remote: http://rubygems.org/
  specs:
    OptionParser (0.5.1)
    git (1.2.5)
    jeweler (1.6.4)
      bundler (~> 1.0)
      git (>= 1.2.5)
      rake
    rake (0.9.2)
    rdoc (3.9.4)

PLATFORMS
  ruby

DEPENDENCIES
  OptionParser (~> 0.5.1)
  bundler (~> 1.0.0)
  jeweler (~> 1.6.4)
  rdoc
