PATH
  remote: .
  specs:
    pot (0.0.1)
      rubigen

GEM
  remote: http://rubygems.org/
  specs:
    activesupport (3.1.0)
      multi_json (~> 1.0)
    diff-lcs (1.1.3)
    i18n (0.6.0)
    multi_json (1.0.3)
    rake (0.9.2)
    rspec (2.6.0)
      rspec-core (~> 2.6.0)
      rspec-expectations (~> 2.6.0)
      rspec-mocks (~> 2.6.0)
    rspec-core (2.6.4)
    rspec-expectations (2.6.0)
      diff-lcs (~> 1.1.2)
    rspec-mocks (2.6.0)
    rubigen (1.5.6)
      activesupport (>= 2.3.5)
      i18n

PLATFORMS
  ruby

DEPENDENCIES
  pot!
  rake
  rspec
